GEM
  remote: https://rubygems.org/
  specs:
    base64 (0.2.0)
    mustermann (3.0.2)
      ruby2_keywords (~> 0.0.1)
    nio4r (2.7.3)
    observer (0.1.2)
    pkg-config (1.5.6)
    puma (6.4.3)
      nio4r (~> 2.0)
    rack (3.1.7)
    rack-protection (4.0.0)
      base64 (>= 0.1.0)
      rack (>= 3.0.0, < 4)
    rack-session (2.0.0)
      rack (>= 3.0.0)
    rackup (2.1.0)
      rack (>= 3)
      webrick (~> 1.8)
    rmagick (6.0.1)
      observer (~> 0.1)
      pkg-config (~> 1.4)
    ruby2_keywords (0.0.5)
    sinatra (4.0.0)
      mustermann (~> 3.0)
      rack (>= 3.0.0, < 4)
      rack-protection (= 4.0.0)
      rack-session (>= 2.0.0, < 3)
      tilt (~> 2.0)
    tilt (2.4.0)
    webrick (1.8.1)

PLATFORMS
  ruby

DEPENDENCIES
  base64 (~> 0.2.0)
  puma (~> 6.4)
  rackup (~> 2.1)
  rmagick (~> 6.0)
  sinatra (~> 4.0)

BUNDLED WITH
   2.5.11
