GEM
  remote: https://rubygems.org/
  specs:
    base64 (0.2.0)
    logger (1.6.6)
    mustermann (3.0.3)
      ruby2_keywords (~> 0.0.1)
    nio4r (2.7.4)
    observer (0.1.2)
    pkg-config (1.6.0)
    puma (6.6.0)
      nio4r (~> 2.0)
    rack (3.1.12)
    rack-protection (4.1.1)
      base64 (>= 0.1.0)
      logger (>= 1.6.0)
      rack (>= 3.0.0, < 4)
    rack-session (2.1.0)
      base64 (>= 0.1.0)
      rack (>= 3.0.0)
    rackup (2.2.1)
      rack (>= 3)
    rmagick (6.1.1)
      observer (~> 0.1)
      pkg-config (~> 1.4)
    ruby2_keywords (0.0.5)
    sinatra (4.1.1)
      logger (>= 1.6.0)
      mustermann (~> 3.0)
      rack (>= 3.0.0, < 4)
      rack-protection (= 4.1.1)
      rack-session (>= 2.0.0, < 3)
      tilt (~> 2.0)
    tilt (2.6.0)

PLATFORMS
  ruby

DEPENDENCIES
  base64 (~> 0.2.0)
  puma (~> 6.4)
  rackup (~> 2.1)
  rmagick (~> 6.0)
  sinatra (~> 4.0)

BUNDLED WITH
   2.6.6
